GEM
  remote: https://rubygems.org/
  specs:
    barista (1.3.0)
      coffee-script (~> 2.2)
    coffee-script (2.4.1)
      coffee-script-source
      execjs
    coffee-script-source (1.12.2)
    daemons (1.2.4)
    eventmachine (1.2.3)
    execjs (2.7.0)
    foreman (0.84.0)
      thor (~> 0.19.1)
    rack (1.6.5)
    rack-protection (1.5.3)
      rack
    sinatra (1.4.8)
      rack (~> 1.5)
      rack-protection (~> 1.4)
      tilt (>= 1.3, < 3)
    slim (3.0.7)
      temple (~> 0.7.6)
      tilt (>= 1.3.3, < 2.1)
    temple (0.7.7)
    thin (1.7.0)
      daemons (~> 1.0, >= 1.0.9)
      eventmachine (~> 1.0, >= 1.0.4)
      rack (>= 1, < 3)
    thor (0.19.4)
    tilt (2.0.7)

PLATFORMS
  ruby

DEPENDENCIES
  barista
  foreman
  sinatra
  slim
  thin
  tilt

RUBY VERSION
   ruby 2.4.0p0

BUNDLED WITH
   1.14.6
